GEM
  remote: https://rubygems.org/
  specs:
    concurrent-ruby (1.0.5)
    diff-lcs (1.3)
    dry-configurable (0.7.0)
      concurrent-ruby (~> 1.0)
    dry-container (0.6.0)
      concurrent-ruby (~> 1.0)
      dry-configurable (~> 0.1, >= 0.1.3)
    dry-core (0.2.4)
      concurrent-ruby (~> 1.0)
    dry-equalizer (0.2.0)
    dry-initializer (0.11.0)
    dry-logic (0.4.1)
      dry-container (~> 0.2, >= 0.2.6)
      dry-core (~> 0.2)
      dry-equalizer (~> 0.2)
    dry-struct (0.1.1)
      dry-configurable (~> 0.1)
      dry-equalizer (~> 0.2)
      dry-types (~> 0.9, >= 0.9.0)
      ice_nine (~> 0.11)
    dry-types (0.9.4)
      concurrent-ruby (~> 1.0)
      dry-configurable (~> 0.1)
      dry-container (~> 0.3)
      dry-core (~> 0.2, >= 0.2.1)
      dry-equalizer (~> 0.2)
      dry-logic (~> 0.4, >= 0.4.0)
      inflecto (~> 0.0.0, >= 0.0.2)
    dry-view (0.2.2)
      dry-configurable (~> 0.1)
      dry-equalizer (~> 0.2)
      tilt (~> 2.0)
    ice_nine (0.11.2)
    inflecto (0.0.2)
    kgio (2.11.0)
    log_formatter (0.4.0)
    rack (2.0.1)
    raindrops (0.17.0)
    roda (2.22.0)
      rack
    rom (3.0.1)
      concurrent-ruby (~> 1.0)
      dry-core (~> 0.2, >= 0.2.3)
      dry-equalizer (~> 0.2)
      dry-initializer (~> 0.10, >= 0.10.2)
      dry-types (~> 0.9, >= 0.9.4)
      rom-mapper (~> 0.5)
    rom-mapper (0.5.0)
      dry-core (~> 0.2.3)
      dry-equalizer (~> 0.2)
      transproc (~> 1.0)
    rom-repository (1.0.2)
      dry-core (~> 0.2, >= 0.2.1)
      dry-struct (~> 0.1)
      rom (~> 3.0)
      rom-mapper (~> 0.5)
    rom-sql (1.0.1)
      dry-core (~> 0.2, >= 0.2.3)
      dry-equalizer (~> 0.2)
      dry-types (~> 0.9, >= 0.9.4)
      rom (~> 3.0)
      sequel (~> 4.43)
    rspec (3.5.0)
      rspec-core (~> 3.5.0)
      rspec-expectations (~> 3.5.0)
      rspec-mocks (~> 3.5.0)
    rspec-core (3.5.4)
      rspec-support (~> 3.5.0)
    rspec-expectations (3.5.0)
      diff-lcs (>= 1.2.0, < 2.0)
      rspec-support (~> 3.5.0)
    rspec-mocks (3.5.0)
      diff-lcs (>= 1.2.0, < 2.0)
      rspec-support (~> 3.5.0)
    rspec-support (3.5.0)
    sequel (4.43.0)
    sqlite3 (1.3.13)
    tilt (2.0.7)
    transproc (1.0.0)
    unicorn (5.2.0)
      kgio (~> 2.6)
      raindrops (~> 0.7)

PLATFORMS
  ruby

DEPENDENCIES
  dry-configurable (~> 0.6)
  dry-struct
  dry-view
  log_formatter
  roda
  rom-repository
  rom-sql
  rspec
  sqlite3
  unicorn

RUBY VERSION
   ruby 2.3.3p222

BUNDLED WITH
   1.14.6
